GIT
  remote: https://github.com/intridea/grape.git
  revision: d85c2b32b7fe4d21cdb1628fd3268ae40e7385c5
  specs:
    grape (0.2.3)
      activesupport
      hashie (~> 1.2)
      multi_json (>= 1.3.2)
      multi_xml
      rack
      rack-accept
      rack-mount
      virtus

GEM
  remote: http://rubygems.org/
  specs:
    activesupport (3.2.8)
      i18n (~> 0.6)
      multi_json (~> 1.0)
    addressable (2.3.2)
    api_smith (1.2.0)
      hashie (~> 1.0)
      httparty
      net-http-persistent
    backports (2.6.5)
    daemons (1.1.9)
    eventmachine (1.0.0)
    hashie (1.2.0)
    httparty (0.8.3)
      multi_json (~> 1.0)
      multi_xml
    i18n (0.6.1)
    multi_json (1.3.7)
    multi_xml (0.5.1)
    net-http-persistent (2.8)
    rack (1.4.1)
    rack-accept (0.4.5)
      rack (>= 0.4)
    rack-mount (0.8.3)
      rack (>= 1.0.0)
    rack-test (0.6.2)
      rack (>= 1.0)
    rdf (0.3.9)
      addressable (>= 2.2.6)
    rdf-virtuoso (0.1.0)
      api_smith (~> 1.2.0)
      httparty (~> 0.8.2)
      rdf (~> 0.3.7)
    shotgun (0.9)
      rack (>= 1.0)
    thin (1.5.0)
      daemons (>= 1.0.9)
      eventmachine (>= 0.12.6)
      rack (>= 1.0.0)
    virtus (0.5.2)
      backports (~> 2.6.1)

PLATFORMS
  ruby

DEPENDENCIES
  grape!
  rack-test
  rdf
  rdf-virtuoso
  shotgun
  thin
