GIT
  remote: http://github.com/digibib/rdf-virtuoso.git
  revision: 9eb3ff0cb1c47de5eb102c8404d866d0cdd58844
  specs:
    rdf-virtuoso (0.0.15)
      active_attr
      activesupport (~> 3.2.3)
      api_smith (~> 1.2.0)
      httparty (~> 0.8.2)
      rdf (~> 0.3.7)
      transaction-simple (~> 1.4.0)
      uuid (~> 2.3.5)

GIT
  remote: https://github.com/intridea/grape.git
  revision: 53cbb5855c82ec6463dfb31705f76fd5ec22859d
  specs:
    grape (0.2.3)
      activesupport
      hashie (~> 1.2)
      multi_json (>= 1.3.2)
      multi_xml
      rack
      rack-accept
      rack-mount
      virtus

GEM
  remote: http://rubygems.org/
  specs:
    active_attr (0.6.0)
      activemodel (>= 3.0.2, < 4.1)
      activesupport (>= 3.0.2, < 4.1)
    activemodel (3.2.8)
      activesupport (= 3.2.8)
      builder (~> 3.0.0)
    activesupport (3.2.8)
      i18n (~> 0.6)
      multi_json (~> 1.0)
    addressable (2.3.2)
    api_smith (1.2.0)
      hashie (~> 1.0)
      httparty
      net-http-persistent
    backports (2.6.4)
    builder (3.0.4)
    hashie (1.2.0)
    httparty (0.8.3)
      multi_json (~> 1.0)
      multi_xml
    i18n (0.6.1)
    macaddr (1.6.1)
      systemu (~> 2.5.0)
    multi_json (1.3.6)
    multi_xml (0.5.1)
    net-http-persistent (2.8)
    rack (1.4.1)
    rack-accept (0.4.5)
      rack (>= 0.4)
    rack-mount (0.8.3)
      rack (>= 1.0.0)
    rack-test (0.6.2)
      rack (>= 1.0)
    rdf (0.3.8)
      addressable (>= 2.2.6)
    systemu (2.5.2)
    transaction-simple (1.4.0.2)
    uuid (2.3.5)
      macaddr (~> 1.0)
    virtus (0.5.2)
      backports (~> 2.6.1)

PLATFORMS
  ruby

DEPENDENCIES
  grape!
  rack-test
  rdf
  rdf-virtuoso!
